GEM
  remote: http://rubygems.org/
  specs:
    abstract (1.0.0)
    actionmailer (3.0.19)
      actionpack (= 3.0.19)
      mail (~> 2.2.19)
    actionpack (3.0.19)
      activemodel (= 3.0.19)
      activesupport (= 3.0.19)
      builder (~> 2.1.2)
      erubis (~> 2.6.6)
      i18n (~> 0.5.0)
      rack (~> 1.2.5)
      rack-mount (~> 0.6.14)
      rack-test (~> 0.5.7)
      tzinfo (~> 0.3.23)
    activemodel (3.0.19)
      activesupport (= 3.0.19)
      builder (~> 2.1.2)
      i18n (~> 0.5.0)
    activerecord (3.0.19)
      activemodel (= 3.0.19)
      activesupport (= 3.0.19)
      arel (~> 2.0.10)
      tzinfo (~> 0.3.23)
    activeresource (3.0.19)
      activemodel (= 3.0.19)
      activesupport (= 3.0.19)
    activesupport (3.0.19)
    arel (2.0.10)
    builder (2.1.2)
    erubis (2.6.6)
      abstract (>= 1.0.0)
    eventmachine (1.0.0)
    exception_notification (3.0.0)
      actionmailer (>= 3.0.4)
      tinder (~> 1.8)
    faraday (0.8.4)
      multipart-post (~> 1.1)
    faraday_middleware (0.9.0)
      faraday (>= 0.7.4, < 0.9)
    haml (3.1.7)
    hashie (1.2.0)
    http_parser.rb (0.5.3)
    i18n (0.5.0)
    jquery-rails (2.1.4)
      railties (>= 3.0, < 5.0)
      thor (>= 0.14, < 2.0)
    json (1.7.6)
    mail (2.2.19)
      activesupport (>= 2.3.6)
      i18n (>= 0.4.0)
      mime-types (~> 1.16)
      treetop (~> 1.4.8)
    mime-types (1.19)
    multi_json (1.5.0)
    multipart-post (1.1.5)
    nokogiri (1.5.6)
    pg (0.14.1)
    polyglot (0.3.3)
    rack (1.2.6)
    rack-mount (0.6.14)
      rack (>= 1.0.0)
    rack-test (0.5.7)
      rack (>= 1.0)
    rails (3.0.19)
      actionmailer (= 3.0.19)
      actionpack (= 3.0.19)
      activerecord (= 3.0.19)
      activeresource (= 3.0.19)
      activesupport (= 3.0.19)
      bundler (~> 1.0)
      railties (= 3.0.19)
    railties (3.0.19)
      actionpack (= 3.0.19)
      activesupport (= 3.0.19)
      rake (>= 0.8.7)
      rdoc (~> 3.4)
      thor (~> 0.14.4)
    rake (10.0.3)
    rdoc (3.12)
      json (~> 1.4)
    simple_oauth (0.1.9)
    thor (0.14.6)
    tinder (1.9.2)
      eventmachine (~> 1.0)
      faraday (~> 0.8)
      faraday_middleware (~> 0.9)
      hashie (~> 1.0)
      json (~> 1.7.5)
      mime-types (~> 1.19)
      multi_json (~> 1.5)
      twitter-stream (~> 0.1)
    treetop (1.4.12)
      polyglot
      polyglot (>= 0.3.1)
    twitter-stream (0.1.16)
      eventmachine (>= 0.12.8)
      http_parser.rb (~> 0.5.1)
      simple_oauth (~> 0.1.4)
    tzinfo (0.3.35)
    unicode (0.4.3.1)
    will_paginate (3.0.pre2)

PLATFORMS
  ruby

DEPENDENCIES
  exception_notification
  haml
  jquery-rails
  nokogiri
  pg
  rails (= 3.0.19)
  rake
  unicode
  will_paginate (= 3.0.pre2)
